GEM
  remote: https://rubygems.org/
  specs:
    log4r (1.1.10)
    mini_portile2 (2.5.3)
    nokogiri (1.11.7)
      mini_portile2 (~> 2.5.0)
      racc (~> 1.4)
    polyglot (0.3.5)
    racc (1.5.2)
    slaw (10.7.0)
      log4r (~> 1.1)
      nokogiri (~> 1.8)
      thor (~> 0.20)
      treetop (~> 1.5)
    thor (0.20.3)
    treetop (1.6.11)
      polyglot (~> 0.3)

PLATFORMS
  ruby

DEPENDENCIES
  slaw (~> 10.7)

RUBY VERSION
   ruby 2.6.8

BUNDLED WITH
   1.17.3
